STORAGE: NONE
RESTRICTION: || (== net462) (== net6.0)
NUGET
  remote: https://www.nuget.org/api/v2
    coverlet.collector (6.0) - copy_local: true
    Microsoft.Bcl.AsyncInterfaces (7.0) - restriction: || (== net462) (&& (== net6.0) (>= net462)) (&& (== net6.0) (< netstandard2.1))
      System.Threading.Tasks.Extensions (>= 4.5.4) - restriction: || (== net462) (&& (== net6.0) (>= net462)) (&& (== net6.0) (< netstandard2.1))
    Microsoft.CodeCoverage (17.6.3)
    Microsoft.Extensions.DependencyInjection (7.0)
      Microsoft.Bcl.AsyncInterfaces (>= 7.0) - restriction: || (== net462) (&& (== net6.0) (>= net462)) (&& (== net6.0) (< netstandard2.1))
      Microsoft.Extensions.DependencyInjection.Abstractions (>= 7.0)
      System.Threading.Tasks.Extensions (>= 4.5.4) - restriction: || (== net462) (&& (== net6.0) (>= net462)) (&& (== net6.0) (< netstandard2.1))
    Microsoft.Extensions.DependencyInjection.Abstractions (7.0)
      Microsoft.Bcl.AsyncInterfaces (>= 7.0) - restriction: || (== net462) (&& (== net6.0) (>= net462)) (&& (== net6.0) (< netstandard2.1))
      System.Threading.Tasks.Extensions (>= 4.5.4) - restriction: || (== net462) (&& (== net6.0) (>= net462)) (&& (== net6.0) (< netstandard2.1))
    Microsoft.Extensions.Logging (7.0)
      Microsoft.Bcl.AsyncInterfaces (>= 7.0) - restriction: || (== net462) (&& (== net6.0) (>= net462)) (&& (== net6.0) (< netstandard2.1))
      Microsoft.Extensions.DependencyInjection (>= 7.0)
      Microsoft.Extensions.DependencyInjection.Abstractions (>= 7.0)
      Microsoft.Extensions.Logging.Abstractions (>= 7.0)
      Microsoft.Extensions.Options (>= 7.0)
      System.Diagnostics.DiagnosticSource (>= 7.0) - restriction: || (== net462) (&& (== net6.0) (>= net462)) (&& (== net6.0) (< netstandard2.1))
      System.ValueTuple (>= 4.5) - restriction: || (== net462) (&& (== net6.0) (>= net462))
    Microsoft.Extensions.Logging.Abstractions (7.0.1)
      System.Buffers (>= 4.5.1) - restriction: || (== net462) (&& (== net6.0) (>= net462))
      System.Memory (>= 4.5.5) - restriction: || (== net462) (&& (== net6.0) (>= net462))
    Microsoft.Extensions.Options (7.0.1)
      Microsoft.Extensions.DependencyInjection.Abstractions (>= 7.0)
      Microsoft.Extensions.Primitives (>= 7.0)
    Microsoft.Extensions.Primitives (7.0)
      System.Memory (>= 4.5.5) - restriction: || (== net462) (&& (== net6.0) (>= net462))
      System.Runtime.CompilerServices.Unsafe (>= 6.0)
    Microsoft.NET.Test.Sdk (17.6.3)
      Microsoft.CodeCoverage (>= 17.6.3)
      Microsoft.TestPlatform.TestHost (>= 17.6.3) - restriction: || (&& (== net462) (>= netcoreapp3.1)) (== net6.0)
    Microsoft.NETCore.Platforms (7.0) - restriction: || (&& (== net462) (< net45)) (&& (== net462) (< net452)) (&& (== net462) (>= netcoreapp2.0)) (&& (== net462) (< netstandard1.0)) (&& (== net462) (< netstandard1.3) (>= wpa81)) (&& (== net462) (< netstandard1.5) (>= uap10.0)) (&& (== net462) (< portable-net45+win8+wpa81)) (&& (== net462) (>= uap10.1)) (&& (== net462) (>= wp8)) (== net6.0)
    Microsoft.TestPlatform.ObjectModel (17.6.3) - restriction: || (&& (== net462) (>= netcoreapp3.1)) (== net6.0)
      NuGet.Frameworks (>= 6.5)
      System.Reflection.Metadata (>= 1.6)
    Microsoft.TestPlatform.TestHost (17.6.3) - restriction: || (&& (== net462) (>= netcoreapp3.1)) (== net6.0)
      Microsoft.TestPlatform.ObjectModel (>= 17.6.3) - restriction: || (&& (== net462) (>= netcoreapp3.1)) (== net6.0)
      Newtonsoft.Json (>= 13.0.1) - restriction: || (&& (== net462) (>= netcoreapp3.1)) (== net6.0)
    NETStandard.Library (2.0.3) - restriction: || (&& (== net462) (< net452)) (== net6.0)
      Microsoft.NETCore.Platforms (>= 1.1)
    Newtonsoft.Json (13.0.2) - restriction: || (&& (== net462) (>= netcoreapp3.1)) (== net6.0)
    NuGet.Frameworks (6.6.1) - restriction: || (&& (== net462) (>= netcoreapp3.1)) (== net6.0)
    System.Buffers (4.5.1) - restriction: || (== net462) (&& (== net6.0) (>= net462))
    System.Collections.Immutable (7.0) - restriction: || (&& (== net462) (>= netcoreapp3.1)) (== net6.0)
      System.Runtime.CompilerServices.Unsafe (>= 6.0)
    System.Diagnostics.DiagnosticSource (7.0.2) - restriction: || (== net462) (&& (== net6.0) (>= net462)) (&& (== net6.0) (< netstandard2.1))
      System.Memory (>= 4.5.5) - restriction: || (== net462) (&& (== net6.0) (>= net462))
      System.Runtime.CompilerServices.Unsafe (>= 6.0)
    System.Interactive (6.0.1)
    System.Memory (4.5.5) - restriction: || (== net462) (&& (== net6.0) (>= net462))
      System.Buffers (>= 4.5.1) - restriction: || (== net462) (&& (== net6.0) (>= monotouch)) (&& (== net6.0) (>= net461)) (&& (== net6.0) (< netcoreapp2.0)) (&& (== net6.0) (< netstandard1.1)) (&& (== net6.0) (< netstandard2.0)) (&& (== net6.0) (>= xamarinios)) (&& (== net6.0) (>= xamarinmac)) (&& (== net6.0) (>= xamarintvos)) (&& (== net6.0) (>= xamarinwatchos))
      System.Numerics.Vectors (>= 4.5) - restriction: || (== net462) (&& (== net6.0) (>= net461))
      System.Runtime.CompilerServices.Unsafe (>= 4.5.3) - restriction: || (== net462) (&& (== net6.0) (>= monotouch)) (&& (== net6.0) (>= net461)) (&& (== net6.0) (< netcoreapp2.0)) (&& (== net6.0) (< netcoreapp2.1)) (&& (== net6.0) (< netstandard1.1)) (&& (== net6.0) (< netstandard2.0)) (&& (== net6.0) (>= uap10.1)) (&& (== net6.0) (>= xamarinios)) (&& (== net6.0) (>= xamarinmac)) (&& (== net6.0) (>= xamarintvos)) (&& (== net6.0) (>= xamarinwatchos))
    System.Numerics.Vectors (4.5) - restriction: || (== net462) (&& (== net6.0) (>= net462))
    System.Reactive (6.0)
    System.Reflection.Metadata (7.0) - restriction: || (&& (== net462) (>= netcoreapp3.1)) (== net6.0)
      System.Collections.Immutable (>= 7.0)
    System.Runtime.CompilerServices.Unsafe (6.0)
    System.Threading.Tasks.Extensions (4.5.4) - restriction: || (== net462) (&& (== net6.0) (>= net462)) (&& (== net6.0) (< netstandard2.1))
      System.Runtime.CompilerServices.Unsafe (>= 4.5.3) - restriction: || (== net462) (&& (== net6.0) (>= net461)) (&& (== net6.0) (< netcoreapp2.1)) (&& (== net6.0) (< netstandard1.0)) (&& (== net6.0) (< netstandard2.0)) (&& (== net6.0) (>= wp8))
    System.ValueTuple (4.5) - restriction: || (== net462) (&& (== net6.0) (>= net462))
    xunit (2.5)
      xunit.analyzers (>= 1.2)
      xunit.assert (>= 2.5)
      xunit.core (2.5)
    xunit.abstractions (2.0.3)
    xunit.analyzers (1.2)
    xunit.assert (2.5)
      NETStandard.Library (>= 1.6.1) - restriction: || (&& (== net462) (< net452)) (== net6.0)
    xunit.core (2.5)
      xunit.extensibility.core (2.5)
      xunit.extensibility.execution (2.5)
    xunit.extensibility.core (2.5)
      NETStandard.Library (>= 1.6.1) - restriction: || (&& (== net462) (< net452)) (== net6.0)
      xunit.abstractions (>= 2.0.3)
    xunit.extensibility.execution (2.5)
      NETStandard.Library (>= 1.6.1) - restriction: || (&& (== net462) (< net452)) (== net6.0)
      xunit.extensibility.core (2.5)
    xunit.runner.visualstudio (2.5) - copy_local: true
